GEM
  remote: https://rubygems.org/
  specs:
    activesupport (3.2.8)
      i18n (~> 0.6)
      multi_json (~> 1.0)
    coderay (1.0.7)
    i18n (0.6.0)
    method_source (0.8)
    multi_json (1.3.6)
    pry (0.9.10)
      coderay (~> 1.0.5)
      method_source (~> 0.8)
      slop (~> 3.3.1)
    sequel (3.38.0)
    slop (3.3.2)
    sqlite3 (1.3.6)

PLATFORMS
  ruby

DEPENDENCIES
  activesupport
  pry
  sequel
  sqlite3
